GIT
  remote: git://projects.tryphon.eu/system-builder
  revision: 75dfae9d882922e7099f22370e602e8c2b212cd9
  specs:
    system-builder (0.0.26)

GEM
  remote: http://rubygems.org/
  specs:
    rake (0.9.2)

PLATFORMS
  ruby

DEPENDENCIES
  rake
  system-builder!
