GEM
  remote: http://rubygems.org/
  specs:
    rake (0.9.2)
    system-builder (0.0.22)

PLATFORMS
  ruby

DEPENDENCIES
  rake
  system-builder (>= 0.0.10)
