GIT
  remote: git://projects.tryphon.priv/system-builder
  revision: b29999f48658207340bd9ead0a56c858667108c8
  specs:
    system-builder (0.0.26)

GEM
  remote: http://rubygems.org/
  specs:
    rake (0.9.2)

PLATFORMS
  ruby

DEPENDENCIES
  rake
  system-builder!
