GIT
  remote: git://projects.tryphon.priv/system-builder
  revision: e78a374c122a5f7e9966686537bd3a4d153c3f4c
  specs:
    system-builder (0.0.26)

GEM
  remote: https://rubygems.org/
  specs:
    rake (0.9.2)

PLATFORMS
  ruby

DEPENDENCIES
  rake
  system-builder!
